GEM
  remote: http://rubygems.org/
  specs:
    aws_cf_signer (0.1.1)
    bson (1.4.0)
    bson_ext (1.4.0)
    cloudinary (1.0.37)
      aws_cf_signer
      rest-client
    json (1.6.1)
    mime-types (1.19)
    mongo (1.4.0)
      bson (= 1.4.0)
    rack (1.3.5)
    rack-protection (1.1.4)
      rack
    rest-client (1.6.7)
      mime-types (>= 1.16)
    sinatra (1.3.1)
      rack (~> 1.3, >= 1.3.4)
      rack-protection (~> 1.1, >= 1.1.2)
      tilt (~> 1.3, >= 1.3.3)
    tilt (1.3.3)

PLATFORMS
  ruby

DEPENDENCIES
  bson_ext
  cloudinary
  json
  mongo
  sinatra
